GEM
  remote: https://rubygems.org/
  specs:
    colorize (0.7.7)
    diff-lcs (1.2.5)
    highline (1.7.8)
    json (1.8.3)
    net-ssh (3.0.1)
    rake (10.4.2)
    rspec (2.99.0)
      rspec-core (~> 2.99.0)
      rspec-expectations (~> 2.99.0)
      rspec-mocks (~> 2.99.0)
    rspec-core (2.99.2)
    rspec-expectations (2.99.2)
      diff-lcs (>= 1.1.3, < 2.0)
    rspec-its (1.0.1)
      rspec-core (>= 2.99.0.beta1)
      rspec-expectations (>= 2.99.0.beta1)
    rspec-mocks (2.99.4)
    serverspec (1.16.0)
      highline
      net-ssh
      rspec (~> 2.99)
      rspec-its
      specinfra (~> 1.27)
    specinfra (1.27.5)

PLATFORMS
  ruby

DEPENDENCIES
  colorize
  json
  rake
  serverspec (~> 1.16.0)

BUNDLED WITH
   1.10.6
